GEM
  remote: https://rubygems.org/
  specs:
    POpen4 (0.1.4)
      Platform (>= 0.4.0)
      open4
    Platform (0.4.0)
    RedCloth (4.2.9)
    RedCloth (4.2.9-java)
    RedCloth (4.2.9-x86-mingw32)
    asciidoctor (0.1.4)
    autoprefixer-rails (5.1.7)
      execjs
      json
    awestruct (0.5.3)
      bootstrap-sass (>= 2.3.1.0)
      compass (>= 0.12.1)
      compass-960-plugin (~> 0.10.4)
      git (~> 1.2.5)
      haml (~> 4.0.1)
      listen (>= 0.7.3)
      nokogiri (= 1.5.10)
      rack (~> 1.5.2)
      rest-client (>= 1.6.7)
      ruby-s3cmd (~> 0.1.5)
      tilt (>= 1.3.6)
      zurb-foundation (>= 4.0.9)
    bootstrap-sass (3.3.3)
      autoprefixer-rails (>= 5.0.0.1)
      sass (>= 3.2.19)
    chunky_png (1.3.4)
    coderay (1.1.0)
    coffee-script (2.3.0)
      coffee-script-source
      execjs
    coffee-script-source (1.9.1)
    commonjs (0.2.7)
    compass (1.0.3)
      chunky_png (~> 1.2)
      compass-core (~> 1.0.2)
      compass-import-once (~> 1.0.5)
      rb-fsevent (>= 0.9.3)
      rb-inotify (>= 0.9)
      sass (>= 3.3.13, < 3.5)
    compass-960-plugin (0.10.4)
      compass (>= 0.10.0)
    compass-core (1.0.3)
      multi_json (~> 1.0)
      sass (>= 3.3.0, < 3.5)
    compass-import-once (1.0.5)
      sass (>= 3.2, < 3.5)
    cssminify (1.0.2)
    execjs (2.3.0)
    ffi (1.9.6)
    ffi (1.9.6-java)
    ffi (1.9.6-x86-mingw32)
    git (1.2.9.1)
    haml (4.0.6)
      tilt
    htmlcompressor (0.0.7)
      yui-compressor (~> 0.9.6)
    json (1.8.2)
    json (1.8.2-java)
    kramdown (1.0.2)
    less (2.3.3)
      commonjs (~> 0.2.6)
    libv8 (3.11.8.17)
    listen (0.7.3)
    mime-types (2.4.3)
    multi_json (1.11.0)
    netrc (0.10.3)
    nokogiri (1.5.10)
    nokogiri (1.5.10-java)
    nokogiri (1.5.10-x86-mingw32)
    open4 (1.3.4)
    rack (1.5.2)
    rb-fsevent (0.9.4)
    rb-inotify (0.9.5)
      ffi (>= 0.5.0)
    ref (1.0.5)
    rest-client (1.7.3)
      mime-types (>= 1.16, < 3.0)
      netrc (~> 0.7)
    rest-client (1.7.3-x86-mingw32)
      ffi (~> 1.9)
      mime-types (>= 1.16, < 3.0)
      netrc (~> 0.7)
    ruby-s3cmd (0.1.5)
    sass (3.4.13)
    therubyracer (0.11.4)
      libv8 (~> 3.11.8.12)
      ref
    therubyrhino (1.73.5)
    tilt (1.4.1)
    uglifier (2.0.1)
      execjs (>= 0.3.0)
      multi_json (~> 1.0, >= 1.0.2)
    win32-open3-19 (0.0.2)
    yui-compressor (0.9.6)
      POpen4 (>= 0.1.4)
    zurb-foundation (4.3.2)
      sass (>= 3.2.0)

PLATFORMS
  java
  ruby
  x86-mingw32

DEPENDENCIES
  RedCloth
  asciidoctor (= 0.1.4)
  awestruct (= 0.5.3)
  coderay
  coffee-script
  cssminify (~> 1.0.2)
  htmlcompressor (~> 0.0.3)
  kramdown (~> 1.0.1)
  less (~> 2.3.2)
  listen (= 0.7.3)
  rb-fsevent (~> 0.9.3)
  rb-inotify (~> 0.9)
  therubyracer (~> 0.11.4)
  therubyrhino (~> 1.73)
  tilt (~> 1.4.0)
  uglifier (~> 2.0.1)
  win32-open3-19
